GEM
  remote: http://rubygems.org/
  specs:
    albino (1.3.3)
      posix-spawn (>= 0.3.6)
    chunky_png (1.3.8)
    classifier (1.3.4)
      fast-stemmer (>= 1.0.0)
    compass (1.0.3)
      chunky_png (~> 1.2)
      compass-core (~> 1.0.2)
      compass-import-once (~> 1.0.5)
      rb-fsevent (>= 0.9.3)
      rb-inotify (>= 0.9)
      sass (>= 3.3.13, < 3.5)
    compass-blueprint (1.0.0)
      compass
    compass-core (1.0.3)
      multi_json (~> 1.0)
      sass (>= 3.3.0, < 3.5)
    compass-import-once (1.0.5)
      sass (>= 3.2, < 3.5)
    directory_watcher (1.4.0)
    fast-stemmer (1.0.2)
    ffi (1.9.18)
    haml (3.1.1)
    iconv (1.0.4)
    jekyll (0.11.0)
      albino (>= 1.3.2)
      classifier (>= 1.3.1)
      directory_watcher (>= 1.1.1)
      kramdown (>= 0.13.2)
      liquid (>= 1.9.0)
      maruku (>= 0.5.9)
    kramdown (1.13.2)
    liquid (2.2.2)
    maruku (0.7.3)
    multi_json (1.12.1)
    posix-spawn (0.3.13)
    rake (0.9.1)
    rb-fsevent (0.9.8)
    rb-inotify (0.9.8)
      ffi (>= 0.5.0)
    rdiscount (1.6.8)
    ruby-aaws (0.7.0)
    sass (3.4.24)

PLATFORMS
  ruby

DEPENDENCIES
  compass
  compass-blueprint
  directory_watcher
  haml
  iconv
  jekyll
  liquid
  rake
  rdiscount
  ruby-aaws
  sass

BUNDLED WITH
   1.11.2
