GEM
  remote: http://rubygems.org/
  specs:
    blankslate (2.1.2.4)
    chunky_png (1.2.0)
    compass (0.11.1)
      chunky_png (~> 1.1)
      fssm (>= 0.2.7)
      sass (~> 3.1)
    directory_watcher (1.4.0)
    ffi (1.0.11)
    fssm (0.2.7)
    haml (3.1.1)
    liquid (2.2.2)
    maruku (0.6.0)
      syntax (>= 1.0.0)
    pygments.rb (0.2.13)
      rubypython (~> 0.5.3)
    rake (0.9.1)
    ruby-aaws (0.7.0)
    rubypython (0.5.3)
      blankslate (>= 2.1.2.3)
      ffi (~> 1.0.7)
    sass (3.1.2)
    syntax (1.0.0)

PLATFORMS
  ruby

DEPENDENCIES
  compass
  directory_watcher
  haml
  liquid
  maruku
  pygments.rb
  rake
  ruby-aaws
